PATH
  remote: .
  specs:
    s3log (0.0.1)
      aws
      thor

GEM
  remote: https://rubygems.org/
  specs:
    aws (2.9.1)
      http_connection
      uuidtools
      xml-simple
    diff-lcs (1.2.5)
    http_connection (1.4.4)
    rake (10.1.1)
    rspec (2.14.1)
      rspec-core (~> 2.14.0)
      rspec-expectations (~> 2.14.0)
      rspec-mocks (~> 2.14.0)
    rspec-core (2.14.7)
    rspec-expectations (2.14.4)
      diff-lcs (>= 1.1.3, < 2.0)
    rspec-mocks (2.14.4)
    thor (0.18.1)
    uuidtools (2.1.4)
    xml-simple (1.1.3)

PLATFORMS
  ruby

DEPENDENCIES
  bundler (~> 1.3)
  rake
  rspec
  s3log!
